GEM
  remote: https://rubygems.org/
  specs:
    thor (1.3.2)

PLATFORMS
  ruby

DEPENDENCIES
  thor

BUNDLED WITH
   2.5.23
